GEM
  remote: https://rubygems.org/
  specs:
    activesupport (7.0.3)
      concurrent-ruby (~> 1.0, >= 1.0.2)
      i18n (>= 1.6, < 2)
      minitest (>= 5.1)
      tzinfo (~> 2.0)
    addressable (2.8.0)
      public_suffix (>= 2.0.2, < 5.0)
    ast (2.4.2)
    awesome_print (1.9.2)
    byebug (11.1.3)
    coderay (1.1.3)
    concurrent-ruby (1.1.10)
    domain_name (0.5.20190701)
      unf (>= 0.0.5, < 1.0.0)
    dotenv (2.7.6)
    elastic-apm (4.5.1)
      concurrent-ruby (~> 1.0)
      http (>= 3.0)
    faraday (2.3.0)
      faraday-net_http (~> 2.0)
      ruby2_keywords (>= 0.0.4)
    faraday-net_http (2.0.3)
    ffi (1.15.5)
    ffi-compiler (1.0.1)
      ffi (>= 1.0.0)
      rake
    hanami-router (2.0.0.alpha6)
      mustermann (~> 1.0)
      mustermann-contrib (~> 1.0)
      rack (~> 2.0)
    hansi (0.2.1)
    http (5.1.0)
      addressable (~> 2.8)
      http-cookie (~> 1.0)
      http-form_data (~> 2.2)
      llhttp-ffi (~> 0.4.0)
    http-cookie (1.0.5)
      domain_name (~> 0.5)
    http-form_data (2.3.0)
    i18n (1.10.0)
      concurrent-ruby (~> 1.0)
    jwt (2.4.1)
    llhttp-ffi (0.4.0)
      ffi-compiler (~> 1.0)
      rake (~> 13.0)
    memoist (0.16.2)
    method_source (1.0.0)
    minitest (5.15.0)
    multi_json (1.15.0)
    mustermann (1.1.1)
      ruby2_keywords (~> 0.0.1)
    mustermann-contrib (1.1.1)
      hansi (~> 0.2.0)
      mustermann (= 1.1.1)
    nio4r (2.5.8)
    oj (3.13.13)
    parallel (1.22.1)
    parser (3.1.2.0)
      ast (~> 2.4.1)
    pp (0.3.0)
      prettyprint
    prettyprint (0.1.1)
    pry (0.13.1)
      coderay (~> 1.1)
      method_source (~> 1.0)
    pry-byebug (3.9.0)
      byebug (~> 11.0)
      pry (~> 0.13.0)
    public_suffix (4.0.7)
    puma (5.6.4)
      nio4r (~> 2.0)
    rack (2.2.3.1)
    rack-protection (2.2.0)
      rack
    rainbow (3.1.1)
    rake (13.0.6)
    regexp_parser (2.5.0)
    request_store (1.5.1)
      rack (>= 1.4)
    rexml (3.2.5)
    rubocop (1.30.0)
      parallel (~> 1.10)
      parser (>= 3.1.0.0)
      rainbow (>= 2.2.2, < 4.0)
      regexp_parser (>= 1.8, < 3.0)
      rexml (>= 3.2.5, < 4.0)
      rubocop-ast (>= 1.18.0, < 2.0)
      ruby-progressbar (~> 1.7)
      unicode-display_width (>= 1.4.0, < 3.0)
    rubocop-ast (1.18.0)
      parser (>= 3.1.1.0)
    rubocop-performance (1.14.0)
      rubocop (>= 1.7.0, < 2.0)
      rubocop-ast (>= 0.4.0)
    ruby-progressbar (1.11.0)
    ruby2_keywords (0.0.5)
    sinatra (2.2.0)
      mustermann (~> 1.0)
      rack (~> 2.2)
      rack-protection (= 2.2.0)
      tilt (~> 2.0)
    sinatra-contrib (2.2.0)
      multi_json
      mustermann (~> 1.0)
      rack-protection (= 2.2.0)
      sinatra (= 2.2.0)
      tilt (~> 2.0)
    tilt (2.0.10)
    tzinfo (2.0.4)
      concurrent-ruby (~> 1.0)
    unf (0.1.4)
      unf_ext
    unf_ext (0.0.8.2)
    unicode-display_width (2.1.0)
    zeitwerk (2.5.4)

PLATFORMS
  x86_64-darwin-21
  x86_64-linux

DEPENDENCIES
  activesupport (~> 7.0.3)
  awesome_print (~> 1.9.2)
  dotenv (~> 2.7.6)
  elastic-apm (~> 4.5.1)
  faraday (~> 2.3.0)
  hanami-router (~> 2.0.0.alpha6)
  jwt (~> 2.4.1)
  memoist (~> 0.16.2)
  oj (~> 3.13.13)
  pp (~> 0.3.0)
  pry-byebug (~> 3.9.0)
  puma (~> 5.6.4)
  request_store (~> 1.5.1)
  rubocop (~> 1.30.0)
  rubocop-performance (~> 1.14.0)
  sinatra (~> 2.2.0)
  sinatra-contrib (~> 2.2.0)
  zeitwerk (~> 2.5.4)

RUBY VERSION
   ruby 3.1.2p20

BUNDLED WITH
   2.3.7
